PATH
  remote: .
  specs:
    capistrano-shortcuts (0.4.0)

GEM
  remote: https://rubygems.org/
  specs:
    rake (10.4.2)

PLATFORMS
  ruby

DEPENDENCIES
  bundler (~> 1.16.a)
  capistrano-shortcuts!
  rake (~> 10.0)

BUNDLED WITH
   1.16.0.pre.3
